GIT
  remote: git://github.com/pengwynn/octokit.git
  revision: 68b97e5
  specs:
    octokit (0.6.1)
      addressable (~> 2.2.4)
      faraday (~> 0.6.0)
      faraday_middleware (~> 0.6.0)
      hashie (~> 1.0.0)
      multi_json (~> 0.0.5)
      multi_xml (~> 0.2.0)

PATH
  remote: .
  specs:
    instigator (0.0.1)
      activesupport
      i18n
      thor
      uuid
      watchr

GEM
  remote: http://rubygems.org/
  specs:
    activesupport (3.0.6)
    addressable (2.2.5)
    faraday (0.6.1)
      addressable (~> 2.2.4)
      multipart-post (~> 1.1.0)
      rack (>= 1.1.0, < 2)
    faraday_middleware (0.6.3)
      faraday (~> 0.6.0)
    hashie (1.0.0)
    i18n (0.5.0)
    macaddr (1.0.0)
    multi_json (0.0.5)
    multi_xml (0.2.2)
    multipart-post (1.1.0)
    rack (1.2.2)
    thor (0.14.6)
    uuid (2.3.1)
      macaddr (~> 1.0)
    watchr (0.7)

PLATFORMS
  ruby

DEPENDENCIES
  activesupport
  bundler (>= 1.0.0.rc.6)
  i18n
  instigator!
  octokit!
  thor
  uuid
  watchr
