PATH
  remote: .
  specs:
    instigator (0.0.1)
      thor

GEM
  remote: http://rubygems.org/
  specs:
    thor (0.14.6)

PLATFORMS
  ruby

DEPENDENCIES
  bundler (>= 1.0.0.rc.6)
  instigator!
