PATH
  remote: .
  specs:
    instigator (0.0.1)
      activesupport
      i18n
      thor
      uuid

GEM
  remote: http://rubygems.org/
  specs:
    activesupport (3.0.6)
    i18n (0.5.0)
    macaddr (1.0.0)
    thor (0.14.6)
    uuid (2.3.1)
      macaddr (~> 1.0)

PLATFORMS
  ruby

DEPENDENCIES
  activesupport
  bundler (>= 1.0.0.rc.6)
  i18n
  instigator!
  thor
  uuid
