PATH
  remote: .
  specs:
    instigator (0.9)
      activesupport
      awesome_print
      i18n
      open4
      thor
      uuid
      watchr

GEM
  remote: http://rubygems.org/
  specs:
    activesupport (3.0.6)
    awesome_print (0.3.2)
    i18n (0.5.0)
    macaddr (1.0.0)
    open4 (1.0.1)
    thor (0.14.6)
    uuid (2.3.1)
      macaddr (~> 1.0)
    watchr (0.7)

PLATFORMS
  ruby

DEPENDENCIES
  activesupport
  awesome_print
  bundler (>= 1.0.0.rc.6)
  i18n
  instigator!
  open4
  thor
  uuid
  watchr
